GEM
  remote: http://rubygems.org/
  specs:
    thor (0.19.0)

PLATFORMS
  ruby

DEPENDENCIES
  thor
